GEM
  remote: https://rubygems.org/
  specs:
    activemodel (4.1.13)
      activesupport (= 4.1.13)
      builder (~> 3.1)
    activerecord (4.1.13)
      activemodel (= 4.1.13)
      activesupport (= 4.1.13)
      arel (~> 5.0.0)
    activesupport (4.1.13)
      i18n (~> 0.6, >= 0.6.9)
      json (~> 1.7, >= 1.7.7)
      minitest (~> 5.1)
      thread_safe (~> 0.1)
      tzinfo (~> 1.1)
    addressable (2.4.0)
    arel (5.0.1.20140414130214)
    buftok (0.2.0)
    builder (3.2.2)
    coderay (1.1.0)
    diff-lcs (1.2.5)
    domain_name (0.5.25)
      unf (>= 0.0.5, < 1.0.0)
    dotenv (2.0.2)
    equalizer (0.0.10)
    faraday (0.9.2)
      multipart-post (>= 1.2, < 3)
    hamlit (2.2.0)
      temple (~> 0.7.6)
      thor
      tilt
    hashie (3.4.3)
    http (0.9.8)
      addressable (~> 2.3)
      http-cookie (~> 1.0)
      http-form_data (~> 1.0.1)
      http_parser.rb (~> 0.6.0)
    http-cookie (1.0.2)
      domain_name (~> 0.5)
    http-form_data (1.0.1)
    http_parser.rb (0.6.0)
    i18n (0.7.0)
    json (1.8.3)
    memoizable (0.4.2)
      thread_safe (~> 0.3, >= 0.3.1)
    method_source (0.8.2)
    minitest (5.8.3)
    multipart-post (2.0.0)
    naught (1.1.0)
    oauth (0.4.7)
    omniauth (1.3.1)
      hashie (>= 1.2, < 4)
      rack (>= 1.0, < 3)
    omniauth-oauth (1.1.0)
      oauth
      omniauth (~> 1.0)
    omniauth-twitter (1.2.1)
      json (~> 1.3)
      omniauth-oauth (~> 1.1)
    pg (0.18.4)
    pry (0.10.3)
      coderay (~> 1.1.0)
      method_source (~> 0.8.1)
      slop (~> 3.4)
    rack (1.6.4)
    rack-flash3 (1.0.5)
      rack
    rack-protection (1.5.3)
      rack
    rack-test (0.6.3)
      rack (>= 1.0)
    rake (10.4.2)
    rspec (3.4.0)
      rspec-core (~> 3.4.0)
      rspec-expectations (~> 3.4.0)
      rspec-mocks (~> 3.4.0)
    rspec-core (3.4.1)
      rspec-support (~> 3.4.0)
    rspec-expectations (3.4.0)
      diff-lcs (>= 1.2.0, < 2.0)
      rspec-support (~> 3.4.0)
    rspec-mocks (3.4.0)
      diff-lcs (>= 1.2.0, < 2.0)
      rspec-support (~> 3.4.0)
    rspec-support (3.4.0)
    simple_oauth (0.3.1)
    sinatra (1.4.6)
      rack (~> 1.4)
      rack-protection (~> 1.4)
      tilt (>= 1.3, < 3)
    sinatra-activerecord (2.0.9)
      activerecord (>= 3.2)
      sinatra (~> 1.0)
    slop (3.6.0)
    temple (0.7.6)
    thor (0.19.1)
    thread_safe (0.3.5)
    tilt (2.0.2)
    twitter (5.15.0)
      addressable (~> 2.3)
      buftok (~> 0.2.0)
      equalizer (= 0.0.10)
      faraday (~> 0.9.0)
      http (>= 0.4, < 0.10)
      http_parser.rb (~> 0.6.0)
      json (~> 1.8)
      memoizable (~> 0.4.0)
      naught (~> 1.0)
      simple_oauth (~> 0.3.0)
    tzinfo (1.2.2)
      thread_safe (~> 0.1)
    unf (0.1.4)
      unf_ext
    unf_ext (0.0.7.1)

PLATFORMS
  ruby

DEPENDENCIES
  activerecord
  dotenv
  faraday
  hamlit
  omniauth-twitter
  pg
  pry
  rack-flash3
  rack-test
  rake
  rspec
  sinatra
  sinatra-activerecord
  twitter

BUNDLED WITH
   1.11.2
